PATH
  remote: .
  specs:
    ruby-prof (0.11.0.rc3)

GEM
  remote: http://rubygems.org/
  specs:
    rake (0.9.2.2)
    rake-compiler (0.8.1)
      rake

PLATFORMS
  ruby

DEPENDENCIES
  rake
  rake-compiler
  ruby-prof!
